PATH
  remote: .
  specs:
    rack-relations (0.2.0)
      nokogiri (~> 1.10)
      rack (>= 2.0, < 4)

GEM
  remote: https://rubygems.org/
  specs:
    coderay (1.1.3)
    method_source (1.0.0)
    mini_portile2 (2.4.0)
    minitest (5.14.1)
    mocha (1.11.2)
    nokogiri (1.10.9)
      mini_portile2 (~> 2.4.0)
    pry (0.13.1)
      coderay (~> 1.1)
      method_source (~> 1.0)
    rack (2.2.6.3)
    rack-test (1.1.0)
      rack (>= 1.0, < 3)
    rake (12.3.3)

PLATFORMS
  ruby

DEPENDENCIES
  minitest (~> 5.0)
  mocha
  pry
  rack-relations!
  rack-test
  rake (~> 12.0)

BUNDLED WITH
   2.1.4
