PATH
  remote: .
  specs:
    rack-relations (0.2.0)
      nokogiri (~> 1.10)
      rack (>= 2.0, < 3)

GEM
  remote: https://rubygems.org/
  specs:
    coderay (1.1.3)
    method_source (1.0.0)
    mini_portile2 (2.8.4)
    minitest (5.20.0)
    mocha (2.1.0)
      ruby2_keywords (>= 0.0.5)
    nokogiri (1.15.4)
      mini_portile2 (~> 2.8.2)
      racc (~> 1.4)
    pry (0.14.2)
      coderay (~> 1.1)
      method_source (~> 1.0)
    racc (1.7.1)
    rack (2.2.8)
    rack-test (2.1.0)
      rack (>= 1.3)
    rake (12.3.3)
    ruby2_keywords (0.0.5)

PLATFORMS
  ruby

DEPENDENCIES
  minitest (~> 5.0)
  mocha
  pry
  rack-relations!
  rack-test
  rake (~> 12.0)

BUNDLED WITH
   2.4.19
