PATH
  remote: .
  specs:
    rack-relations (0.1.0)
      nokogiri (~> 1.10)
      rack (>= 2.0, < 3)

GEM
  remote: https://rubygems.org/
  specs:
    mini_portile2 (2.4.0)
    minitest (5.14.1)
    nokogiri (1.10.9)
      mini_portile2 (~> 2.4.0)
    rack (2.2.3)
    rake (12.3.3)

PLATFORMS
  ruby

DEPENDENCIES
  minitest (~> 5.0)
  rack-relations!
  rake (~> 12.0)

BUNDLED WITH
   2.1.4
